GEM
  remote: https://rubygems.org/
  specs:
    colorize (0.8.1)
    dotenv (2.1.1)
    ffi (1.9.14)
    json (2.0.2)
    jwt (1.5.6)
    listen (3.1.5)
      rb-fsevent (~> 0.9, >= 0.9.4)
      rb-inotify (~> 0.9, >= 0.9.7)
      ruby_dep (~> 1.2)
    puma (3.6.0)
    rack (1.6.4)
    rb-fsevent (0.9.7)
    rb-inotify (0.9.7)
      ffi (>= 0.5.0)
    rerun (0.11.0)
      listen (~> 3.0)
    ruby_dep (1.4.0)

PLATFORMS
  ruby

DEPENDENCIES
  colorize
  dotenv
  json
  jwt (= 1.5.6)
  puma
  rack
  rerun

BUNDLED WITH
   1.13.6
